GEM
  remote: https://rubygems.org/
  specs:
    addressable (2.7.0)
      public_suffix (>= 2.0.2, < 5.0)
    base32 (0.3.2)
    colorator (1.1.0)
    concurrent-ruby (1.1.6)
    em-websocket (0.5.1)
      eventmachine (>= 0.12.9)
      http_parser.rb (~> 0.6.0)
    eventmachine (1.2.7)
    ffi (1.12.2)
    forwardable-extended (2.6.0)
    http_parser.rb (0.6.0)
    i18n (0.9.5)
      concurrent-ruby (~> 1.0)
    jekyll (3.8.7)
      addressable (~> 2.4)
      colorator (~> 1.0)
      em-websocket (~> 0.5)
      i18n (~> 0.7)
      jekyll-sass-converter (~> 1.0)
      jekyll-watch (~> 2.0)
      kramdown (~> 1.14)
      liquid (~> 4.0)
      mercenary (~> 0.3.3)
      pathutil (~> 0.9)
      rouge (>= 1.7, < 4)
      safe_yaml (~> 1.0)
    jekyll-archives (2.1.1)
      jekyll (>= 2.4)
    jekyll-feed (0.9.2)
      jekyll (~> 3.3)
    jekyll-inline-svg (0.0.2)
      jekyll (~> 3.3)
      svg_optimizer (= 0.1.0)
    jekyll-menus (0.6.0)
      jekyll (~> 3.1)
    jekyll-responsive-image (1.5.5)
      jekyll (>= 2.0, < 5.0)
      rmagick (>= 2.0, < 5.0)
    jekyll-sass-converter (1.5.2)
      sass (~> 3.4)
    jekyll-seo-tag (2.6.1)
      jekyll (>= 3.3, < 5.0)
    jekyll-sitemap (1.2.0)
      jekyll (~> 3.3)
    jekyll-tagging (1.1.0)
      nuggets
    jekyll-watch (2.2.1)
      listen (~> 3.0)
    jekyll-webp (1.0.0)
    jekyll_picture_tag (1.10.0)
      addressable (~> 2.6)
      base32 (~> 0.3)
      jekyll (< 5)
      mime-types (~> 3)
      mini_magick (~> 4)
      objective_elements (~> 1.1.2)
    kramdown (1.17.0)
    liquid (4.0.3)
    listen (3.2.1)
      rb-fsevent (~> 0.10, >= 0.10.3)
      rb-inotify (~> 0.9, >= 0.9.10)
    mercenary (0.3.6)
    mime-types (3.3.1)
      mime-types-data (~> 3.2015)
    mime-types-data (3.2020.0512)
    mini_magick (4.10.1)
    mini_portile2 (2.5.1)
    nokogiri (1.11.5)
      mini_portile2 (~> 2.5.0)
      racc (~> 1.4)
    nuggets (1.5.0)
    objective_elements (1.1.2)
    pathutil (0.16.2)
      forwardable-extended (~> 2.6)
    public_suffix (4.0.5)
    racc (1.5.2)
    rb-fsevent (0.10.4)
    rb-inotify (0.10.1)
      ffi (~> 1.0)
    rmagick (4.1.2)
    rouge (3.19.0)
    safe_yaml (1.0.5)
    sass (3.7.4)
      sass-listen (~> 4.0.0)
    sass-listen (4.0.0)
      rb-fsevent (~> 0.9, >= 0.9.4)
      rb-inotify (~> 0.9, >= 0.9.7)
    svg_optimizer (0.1.0)
      nokogiri

PLATFORMS
  ruby

DEPENDENCIES
  jekyll (~> 3.8, >= 3.8.7)
  jekyll-archives
  jekyll-feed (~> 0.6)
  jekyll-inline-svg (~> 0.0.1)
  jekyll-menus
  jekyll-responsive-image
  jekyll-seo-tag
  jekyll-sitemap
  jekyll-tagging
  jekyll-webp
  jekyll_picture_tag
  tzinfo-data

BUNDLED WITH
   1.17.2
